NUGET
  remote: http://nuget.org/api/v2
  specs:
    FAKE (3.28.8)
